GIT
  remote: http://github.com/ronin-ruby/ronin.git
  revision: fc0d771089288cf4f99311b4f6e7fa5b4ee08b47
  specs:
    ronin (1.0.1)
      data_paths (>= 0.2.1, ~> 0.2)
      dm-aggregates (~> 1.1.0)
      dm-constraints (~> 1.1.0)
      dm-core (~> 1.1.0)
      dm-do-adapter (~> 1.1.0)
      dm-is-predefined (>= 0.3.1, ~> 0.3)
      dm-migrations (~> 1.1.0)
      dm-serializer (~> 1.1.0)
      dm-sqlite-adapter (~> 1.1.0)
      dm-timestamps (~> 1.1.0)
      dm-types (~> 1.1.0)
      dm-validations (~> 1.1.0)
      env (>= 0.1.2, ~> 0.1)
      hexdump (~> 0.1)
      object_loader (~> 1.0)
      open_namespace (~> 0.3)
      parameters (>= 0.2.3, ~> 0.2)
      pullr (>= 0.1.2, ~> 0.1)
      ripl (~> 0.3)
      ripl-auto_indent (~> 0.1)
      ripl-color_result (~> 0.3)
      ripl-multi_line (~> 0.2)
      ripl-short_errors (~> 0.1)
      ronin-support (~> 0.1)
      thor (~> 0.14.3)
      uri-query_params (>= 0.5.2, ~> 0.5)

GEM
  remote: http://rubygems.org/
  specs:
    activesupport (3.0.6)
    addressable (2.2.5)
    bcrypt-ruby (2.1.4)
    bond (0.4.1)
    chars (0.2.0)
    coderay (0.9.7)
    combinatorics (0.3.1)
    data_objects (0.10.3)
      addressable (~> 2.1)
    data_paths (0.2.1)
    diff-lcs (1.1.2)
    dm-aggregates (1.1.0)
      dm-core (~> 1.1.0)
    dm-constraints (1.1.0)
      dm-core (~> 1.1.0)
    dm-core (1.1.0)
      addressable (~> 2.2.4)
    dm-do-adapter (1.1.0)
      data_objects (~> 0.10.2)
      dm-core (~> 1.1.0)
    dm-is-predefined (0.3.1)
      dm-core (~> 1.0)
    dm-migrations (1.1.0)
      dm-core (~> 1.1.0)
    dm-serializer (1.1.0)
      dm-core (~> 1.1.0)
      fastercsv (~> 1.5.4)
      json (~> 1.4.6)
    dm-sqlite-adapter (1.1.0)
      dm-do-adapter (~> 1.1.0)
      do_sqlite3 (~> 0.10.2)
    dm-timestamps (1.1.0)
      dm-core (~> 1.1.0)
    dm-types (1.1.0)
      bcrypt-ruby (~> 2.1.4)
      dm-core (~> 1.1.0)
      fastercsv (~> 1.5.4)
      json (~> 1.4.6)
      stringex (~> 1.2.0)
      uuidtools (~> 2.1.2)
    dm-validations (1.1.0)
      dm-core (~> 1.1.0)
    do_sqlite3 (0.10.3)
      data_objects (= 0.10.3)
    env (0.1.2)
    fastercsv (1.5.4)
    git (1.2.5)
    hexdump (0.1.0)
    http_router (0.5.4)
      rack (>= 1.0.0)
      url_mount (~> 0.2.1)
    i18n (0.5.0)
    json (1.4.6)
    mail (2.2.15)
      activesupport (>= 2.3.6)
      i18n (>= 0.4.0)
      mime-types (~> 1.16)
      treetop (~> 1.4.8)
    mime-types (1.16)
    object_loader (1.0.0)
    open_namespace (0.3.1)
    ore-core (0.1.5)
    ore-tasks (0.5.0)
      ore-core (~> 0.1, >= 0.1.3)
    padrino (0.9.23)
      padrino-admin (= 0.9.23)
      padrino-cache (= 0.9.23)
      padrino-core (= 0.9.23)
      padrino-gen (= 0.9.23)
      padrino-helpers (= 0.9.23)
      padrino-mailer (= 0.9.23)
    padrino-admin (0.9.23)
      padrino-core (= 0.9.23)
      padrino-helpers (= 0.9.23)
    padrino-cache (0.9.23)
      padrino-core (= 0.9.23)
    padrino-core (0.9.23)
      activesupport (>= 3.0.0)
      http_router (~> 0.5.4)
      sinatra (~> 1.2.0)
      thor (>= 0.14.3)
      tzinfo
    padrino-gen (0.9.23)
      bundler (>= 1.0.2)
      git
      padrino-core (= 0.9.23)
    padrino-helpers (0.9.23)
      i18n (>= 0.4.1)
      padrino-core (= 0.9.23)
    padrino-mailer (0.9.23)
      mail (>= 2.2.0)
      padrino-core (= 0.9.23)
    parameters (0.2.3)
    polyglot (0.3.1)
    pullr (0.1.3)
      addressable (>= 2.1.1)
    rack (1.2.2)
    rack-flash (0.1.1)
      rack
    rack-test (0.5.7)
      rack (>= 1.0)
    rake (0.8.7)
    ripl (0.3.5)
      bond (~> 0.4.0)
    ripl-auto_indent (0.1.4)
      coderay (~> 0.9)
      ripl (>= 0.3.1)
      ripl-multi_line (>= 0.2.3)
    ripl-color_result (0.3.0)
      ripl (>= 0.3.1)
      wirb (>= 0.2.0)
    ripl-multi_line (0.2.4)
      ripl (>= 0.3.2)
    ripl-short_errors (0.1.0)
      ripl (>= 0.2.8)
    ronin-support (0.1.0)
      chars (~> 0.2)
      combinatorics (~> 0.3)
      data_paths (>= 0.2.1, ~> 0.2)
      uri-query_params (>= 0.5.2, ~> 0.5)
    rspec (2.5.0)
      rspec-core (~> 2.5.0)
      rspec-expectations (~> 2.5.0)
      rspec-mocks (~> 2.5.0)
    rspec-core (2.5.1)
    rspec-expectations (2.5.0)
      diff-lcs (~> 1.1.2)
    rspec-mocks (2.5.0)
    sinatra (1.2.3)
      rack (~> 1.1)
      tilt (< 2.0, >= 1.2.2)
    stringex (1.2.1)
    thor (0.14.6)
    tilt (1.2.2)
    treetop (1.4.9)
      polyglot (>= 0.3.1)
    tzinfo (0.3.26)
    uri-query_params (0.5.4)
    url_mount (0.2.1)
      rack
    uuidtools (2.1.2)
    wirb (0.2.4)

PLATFORMS
  ruby

DEPENDENCIES
  ore-tasks (~> 0.4)
  padrino (~> 0.9.23)
  rack-flash (~> 0.1)
  rack-test (~> 0.5.7)
  rake (~> 0.8.7)
  ronin (~> 1.0.1)!
  rspec (~> 2.4)
