GIT
  remote: http://github.com/ronin-ruby/ronin-asm.git
  revision: 86924f36c8a669adc8bcf1b4d4e1d91cf2bc0e50
  specs:
    ronin-asm (0.1.0)
      data_paths (~> 0.3.0.rc1)
      ffi-udis86 (~> 0.1)
      ronin-support (~> 0.2.0.rc1)
      ruby-yasm (~> 0.2)

GIT
  remote: http://github.com/ronin-ruby/ronin-exploits.git
  revision: bdae756b0750766761104a6451c3f99433a4e4bc
  specs:
    ronin-exploits (1.0.0)
      data_paths (~> 0.3.0.rc1)
      open_namespace (~> 0.3)
      ronin-support (~> 0.2.0.rc1)
      uri-query_params (>= 0.5.2, ~> 0.5)

GIT
  remote: http://github.com/ronin-ruby/ronin-scanners.git
  revision: 8439ea5139c01dc55637afa09f29bb7f28cf4484
  specs:
    ronin-scanners (1.0.0)
      net-ssh (~> 2.1)
      nokogiri (~> 1.4)
      open_namespace (~> 0.3)
      ronin-support (~> 0.2.0.rc1)
      rprogram (~> 0.3)
      ruby-nmap (~> 0.5)
      spidr (~> 0.3)
      wordlist (~> 0.2)

GIT
  remote: http://github.com/ronin-ruby/ronin-web.git
  revision: bb6898f88cf5ea1071b49eea7ff5b0bcfbd474bd
  specs:
    ronin-web (0.3.0)
      data_paths (~> 0.3.0.rc1)
      mechanize (~> 1.0)
      nokogiri (~> 1.4)
      ronin-support (~> 0.2.0.rc1)
      sinatra (~> 1.2)
      spidr (~> 0.2)

GIT
  remote: http://github.com/ronin-ruby/ronin.git
  revision: 4cab2148bc7d07a0800eafb1082f258280698e3b
  specs:
    ronin (1.1.0)
      data_paths (~> 0.3.0.rc1)
      dm-aggregates (~> 1.1.0)
      dm-constraints (~> 1.1.0)
      dm-core (~> 1.1.0)
      dm-do-adapter (~> 1.1.0)
      dm-is-predefined (>= 0.3.1, ~> 0.3)
      dm-migrations (~> 1.1.0)
      dm-serializer (~> 1.1.0)
      dm-sqlite-adapter (~> 1.1.0)
      dm-timestamps (~> 1.1.0)
      dm-types (~> 1.1.0)
      dm-validations (~> 1.1.0)
      env (~> 0.2)
      object_loader (~> 1.0)
      open_namespace (~> 0.3)
      parameters (>= 0.2.3, ~> 0.2)
      pullr (>= 0.1.2, ~> 0.1)
      ripl (~> 0.3)
      ripl-auto_indent (~> 0.1)
      ripl-color_result (~> 0.3)
      ripl-multi_line (~> 0.2)
      ripl-short_errors (~> 0.1)
      ronin-support (~> 0.2.0.rc1)
      thor (~> 0.14.3)
      uri-query_params (>= 0.5.2, ~> 0.5)

GIT
  remote: http://github.com/sophsec/wordlist.git
  revision: 76ba6018cc78863835843dc781d4a5a2ec6c3ab1
  branch: refactor
  specs:
    wordlist (0.2.0)
      spidr (>= 0.1.9)

GEM
  remote: http://rubygems.org/
  specs:
    activesupport (3.0.7)
    addressable (2.2.6)
    bcrypt-ruby (2.1.4)
    bond (0.4.1)
    chars (0.2.0)
    coderay (0.9.8)
    combinatorics (0.3.1)
    data_objects (0.10.5)
      addressable (~> 2.1)
    data_paths (0.3.0.rc1)
    diff-lcs (1.1.2)
    dm-aggregates (1.1.0)
      dm-core (~> 1.1.0)
    dm-constraints (1.1.0)
      dm-core (~> 1.1.0)
    dm-core (1.1.0)
      addressable (~> 2.2.4)
    dm-do-adapter (1.1.0)
      data_objects (~> 0.10.2)
      dm-core (~> 1.1.0)
    dm-is-predefined (0.3.1)
      dm-core (~> 1.0)
    dm-migrations (1.1.0)
      dm-core (~> 1.1.0)
    dm-serializer (1.1.0)
      dm-core (~> 1.1.0)
      fastercsv (~> 1.5.4)
      json (~> 1.4.6)
    dm-sqlite-adapter (1.1.0)
      dm-do-adapter (~> 1.1.0)
      do_sqlite3 (~> 0.10.2)
    dm-timestamps (1.1.0)
      dm-core (~> 1.1.0)
    dm-types (1.1.0)
      bcrypt-ruby (~> 2.1.4)
      dm-core (~> 1.1.0)
      fastercsv (~> 1.5.4)
      json (~> 1.4.6)
      stringex (~> 1.2.0)
      uuidtools (~> 2.1.2)
    dm-validations (1.1.0)
      dm-core (~> 1.1.0)
    do_sqlite3 (0.10.5)
      data_objects (= 0.10.5)
    env (0.2.0)
    fastercsv (1.5.4)
    ffi (1.0.8)
    ffi-udis86 (0.1.2)
      ffi (<= 1.1.0, >= 0.6.0)
    grit (2.4.1)
      diff-lcs (~> 1.1)
      mime-types (~> 1.15)
    hexdump (0.1.0)
    http_router (0.7.9)
      rack (>= 1.0.0)
      url_mount (~> 0.2.1)
    i18n (0.5.0)
    json (1.4.6)
    mechanize (1.0.0)
      nokogiri (>= 1.2.1)
    mime-types (1.16)
    net-ssh (2.1.4)
    nokogiri (1.4.4)
    object_loader (1.0.0)
    open_namespace (0.3.1)
    ore-core (0.1.5)
    ore-tasks (0.5.0)
      ore-core (>= 0.1.3, ~> 0.1)
    padrino-cache (0.9.28)
      padrino-core (= 0.9.28)
    padrino-core (0.9.28)
      activesupport (>= 3.0.0)
      http_router (~> 0.7.5)
      sinatra (~> 1.2.6)
      thor (>= 0.14.3)
      tilt (~> 1.3.0)
      tzinfo
    padrino-gen (0.9.28)
      bundler (>= 1.0.2)
      grit
      padrino-core (= 0.9.28)
    padrino-helpers (0.9.28)
      i18n (>= 0.4.1)
      padrino-core (= 0.9.28)
    parameters (0.2.3)
    pullr (0.1.3)
      addressable (>= 2.1.1)
    rack (1.2.2)
    rack-flash (0.1.1)
      rack
    rack-test (0.5.7)
      rack (>= 1.0)
    rake (0.8.7)
    ripl (0.4.1)
      bond (~> 0.4.0)
    ripl-auto_indent (0.1.4)
      coderay (~> 0.9)
      ripl (>= 0.3.1)
      ripl-multi_line (>= 0.2.3)
    ripl-color_result (0.3.0)
      ripl (>= 0.3.1)
      wirb (>= 0.2.0)
    ripl-multi_line (0.3.0)
      ripl (>= 0.3.6)
    ripl-short_errors (0.1.0)
      ripl (>= 0.2.8)
    ronin-support (0.2.0.rc1)
      chars (~> 0.2)
      combinatorics (~> 0.3)
      data_paths (= 0.3.0.rc1)
      hexdump (~> 0.1)
      uri-query_params (>= 0.5.2, ~> 0.5)
    rprogram (0.3.0)
      env (>= 0.1.2, ~> 0.1)
    rspec (2.6.0)
      rspec-core (~> 2.6.0)
      rspec-expectations (~> 2.6.0)
      rspec-mocks (~> 2.6.0)
    rspec-core (2.6.0)
    rspec-expectations (2.6.0)
      diff-lcs (~> 1.1.2)
    rspec-mocks (2.6.0)
    ruby-nmap (0.5.0)
      nokogiri (~> 1.3)
      rprogram (~> 0.3)
    ruby-yasm (0.2.0)
      rprogram (~> 0.3)
    sinatra (1.2.6)
      rack (~> 1.1)
      tilt (< 2.0, >= 1.2.2)
    spidr (0.3.1)
      nokogiri (~> 1.3)
    stringex (1.2.1)
    thor (0.14.6)
    tilt (1.3)
    tzinfo (0.3.27)
    uri-query_params (0.5.4)
    url_mount (0.2.1)
      rack
    uuidtools (2.1.2)
    wirb (0.2.5)

PLATFORMS
  ruby

DEPENDENCIES
  ore-tasks (~> 0.4)
  padrino-cache (~> 0.9.25)
  padrino-core (~> 0.9.25)
  padrino-gen (~> 0.9.25)
  padrino-helpers (~> 0.9.25)
  rack-flash (~> 0.1)
  rack-test (~> 0.5.7)
  rake (~> 0.8.7)
  ronin (~> 1.1)!
  ronin-asm (~> 0.1)!
  ronin-exploits (~> 1.0)!
  ronin-scanners (~> 1.0)!
  ronin-web (~> 0.3)!
  rspec (~> 2.4)
  wordlist (~> 0.2.0)!
